GEM
  remote: http://gemcutter.org/
  specs:
    builder (3.0.0)
    rack (1.2.2)
    rack-rewrite (1.0.2)
    rdiscount (1.6.8)
    toto (0.4.9)
      builder
      rack
      rdiscount

PLATFORMS
  ruby

DEPENDENCIES
  builder
  rack-rewrite
  rdiscount
  toto (~> 0.4.9)

BUNDLED WITH
   1.10.4
