GEM
  remote: http://gemcutter.org/
  specs:
    builder (2.1.2)
    rack (1.2.1)
    rack-rewrite (1.0.2)
    rdiscount (1.6.5)
    toto (0.4.7)
      builder
      rack
      rdiscount

PLATFORMS
  ruby

DEPENDENCIES
  builder
  rack-rewrite
  rdiscount
  toto
